PATH
  remote: .
  specs:
    fpm (0.4.9)
      arr-pm (~> 0.0.7)
      backports (= 2.3.0)
      cabin (~> 0.4.3)
      clamp (= 0.3.1)
      json (= 1.6.6)

GEM
  remote: http://rubygems.org/
  specs:
    arr-pm (0.0.7)
      cabin (> 0)
    backports (2.3.0)
    cabin (0.4.4)
      json
    clamp (0.3.1)
    diff-lcs (1.1.3)
    fattr (2.2.1)
    insist (0.0.5)
    json (1.6.6)
    rspec (2.10.0)
      rspec-core (~> 2.10.0)
      rspec-expectations (~> 2.10.0)
      rspec-mocks (~> 2.10.0)
    rspec-core (2.10.0)
    rspec-expectations (2.10.0)
      diff-lcs (~> 1.1.3)
    rspec-mocks (2.10.1)
    rush (0.6.8)
      session
    session (3.1.0)
      fattr

PLATFORMS
  ruby

DEPENDENCIES
  fpm!
  insist (~> 0.0.5)
  rspec
  rush
